GEM
  remote: https://rubygems.org/
  specs:
    nio4r (2.7.3)
    puma (6.4.2)
      nio4r (~> 2.0)
    rack (3.1.7)

PLATFORMS
  ruby

DEPENDENCIES
  puma
  rack

BUNDLED WITH
   2.4.22
